GEM
  remote: https://rubygems.org/
  specs:
    motion-tab (0.2.1)
    rake (10.1.1)

PLATFORMS
  ruby

DEPENDENCIES
  motion-tab
  rake
